GIT
  remote: https://github.com/emberjs/data.git
  revision: a45c996c362db2c3e46db9224e46163a0930ccb6
  specs:
    ember-data-source (1.0.0.beta.4.canary)
      ember-source

GIT
  remote: https://github.com/emberjs/ember-dev.git
  revision: 56b02fa1e623c6a22c793bd9d24b5be0bcd98f4b
  branch: master
  specs:
    ember-dev (0.1)
      aws-sdk
      colored
      execjs
      grit
      kicker
      puma
      rack
      rake-pipeline (~> 0.8.0)
      rake-pipeline-web-filters (~> 0.7.0)
      uglifier

GIT
  remote: https://github.com/livingsocial/rake-pipeline.git
  revision: a75d96fbadcc659a35a0ae59212e0bc60b58cc54
  specs:
    rake-pipeline (0.8.0)
      json
      rake (~> 10.1.0)
      thor

GEM
  remote: http://rubygems.org/
  specs:
    aws-sdk (1.26.0)
      json (~> 1.4)
      nokogiri (>= 1.4.4, < 1.6.0)
      uuidtools (~> 2.1)
    celluloid (0.15.2)
      timers (~> 1.1.0)
    colored (1.2)
    columnize (0.3.6)
    debugger (1.6.2)
      columnize (>= 0.3.1)
      debugger-linecache (~> 1.2.0)
      debugger-ruby_core_source (~> 1.2.3)
    debugger-linecache (1.2.0)
    debugger-ruby_core_source (1.2.3)
    diff-lcs (1.2.5)
    ember-source (1.1.2)
      handlebars-source (= 1.0.12)
    execjs (2.0.2)
    ffi (1.9.3)
    grit (2.5.0)
      diff-lcs (~> 1.1)
      mime-types (~> 1.15)
      posix-spawn (~> 0.3.6)
    handlebars-source (1.0.12)
    json (1.8.1)
    kicker (2.6.1)
      listen
    listen (2.2.0)
      celluloid (>= 0.15.2)
      rb-fsevent (>= 0.9.3)
      rb-inotify (>= 0.9)
    mime-types (1.25)
    nokogiri (1.5.10)
    posix-spawn (0.3.6)
    puma (2.6.0)
      rack (>= 1.1, < 2.0)
    rack (1.5.2)
    rake (10.1.0)
    rake-pipeline-web-filters (0.7.0)
      rack
      rake-pipeline (~> 0.6)
    rb-fsevent (0.9.3)
    rb-inotify (0.9.2)
      ffi (>= 0.5.0)
    thor (0.18.1)
    timers (1.1.0)
    uglifier (2.3.1)
      execjs (>= 0.3.0)
      json (>= 1.8.0)
    uuidtools (2.1.4)

PLATFORMS
  ruby

DEPENDENCIES
  debugger
  ember-data-source!
  ember-dev!
  ember-source (= 1.1.2)
  rake-pipeline!
